GEM
  remote: http://rubygems.org/
  specs:
    less (2.0.5)
      therubyracer (~> 0.9.2)
    libv8 (3.3.10.2)
    rack (1.3.0)
    sequel (3.24.1)
    sinatra (1.2.6)
      rack (~> 1.1)
      tilt (>= 1.2.2, < 2.0)
    sqlite3 (1.3.3)
    therubyracer (0.9.2)
      libv8 (~> 3.3.10)
    tilt (1.3.2)

PLATFORMS
  ruby

DEPENDENCIES
  less
  sequel
  sinatra
  sqlite3
