GEM
  remote: http://rubygems.org/
  specs:
    chronic (0.6.4)
    less (2.0.6)
      therubyracer (~> 0.9.2)
    libv8 (3.3.10.2)
    mustermann (1.0.2)
    rack (2.0.5)
    rack-protection (2.0.3)
      rack
    sequel (3.27.0)
    shotgun (0.9.2)
      rack (>= 1.0)
    sinatra (2.0.3)
      mustermann (~> 1.0)
      rack (~> 2.0)
      rack-protection (= 2.0.3)
      tilt (~> 2.0)
    sqlite3 (1.3.4)
    therubyracer (0.9.4)
      libv8 (~> 3.3.10)
    tilt (2.0.8)

PLATFORMS
  ruby

DEPENDENCIES
  chronic
  less
  sequel
  shotgun (>= 0.9)
  sinatra (>= 2.0.2)
  sqlite3

BUNDLED WITH
   1.16.1
