GEM
  remote: http://rubygems.org/
  specs:
    less (2.0.6)
      therubyracer (~> 0.9.2)
    libv8 (3.3.10.2)
    rack (1.3.2)
    sequel (3.27.0)
    shotgun (0.9)
      rack (>= 1.0)
    sinatra (1.2.6)
      rack (~> 1.1)
      tilt (>= 1.2.2, < 2.0)
    sqlite3 (1.3.4)
    therubyracer (0.9.4)
      libv8 (~> 3.3.10)
    tilt (1.3.3)

PLATFORMS
  ruby

DEPENDENCIES
  less
  sequel
  shotgun
  sinatra
  sqlite3
